GIT
  remote: https://github.com/thesecretmaster/se-api
  revision: 59678146183f27a98cc551e489a3c463a1aafdfb
  branch: master
  specs:
    se-api (0.0.0.beta1)

GIT
  remote: https://github.com/thesecretmaster/se-realtime
  revision: 28d72b2a97d22d7832d18ac2ab0c16d870ad9398
  branch: master
  specs:
    se-realtime (0.0.1)
      mechanize (~> 2.7)
      nokogiri (~> 1.8)
      openssl (~> 2.1)
      permessage_deflate (~> 0.1)
      websocket-driver (~> 0.6)

GIT
  remote: https://gitlab.com/thesecretmaster/ChatX
  revision: e39751a3f65a0be8f87896c21369224923777ca0
  branch: master
  specs:
    chatx (0.0.0.pre.pre3)
      htmlentities (~> 4.3)
      mechanize (~> 2.7)
      nokogiri (~> 1.8)
      permessage_deflate (~> 0.1)
      websocket-driver (~> 0.6)

GEM
  remote: https://rubygems.org/
  specs:
    activemodel (6.1.7.1)
      activesupport (= 6.1.7.1)
    activerecord (6.1.7.1)
      activemodel (= 6.1.7.1)
      activesupport (= 6.1.7.1)
    activesupport (6.1.7.1)
      concurrent-ruby (~> 1.0, >= 1.0.2)
      i18n (>= 1.6, < 2)
      minitest (>= 5.1)
      tzinfo (~> 2.0)
      zeitwerk (~> 2.3)
    byebug (11.1.3)
    classifier-reborn (2.1.0)
      fast-stemmer (~> 1.0)
    coderay (1.1.3)
    concurrent-ruby (1.1.10)
    connection_pool (2.2.3)
    domain_name (0.5.20190701)
      unf (>= 0.0.5, < 1.0.0)
    e2mmap (0.1.0)
    fast-stemmer (1.0.2)
    htmlentities (4.3.4)
    http-cookie (1.0.3)
      domain_name (~> 0.5)
    httparty (0.18.1)
      mime-types (~> 3.0)
      multi_xml (>= 0.5.2)
    i18n (1.12.0)
      concurrent-ruby (~> 1.0)
    mechanize (2.7.6)
      domain_name (~> 0.5, >= 0.5.1)
      http-cookie (~> 1.0)
      mime-types (>= 1.17.2)
      net-http-digest_auth (~> 1.1, >= 1.1.1)
      net-http-persistent (>= 2.5.2)
      nokogiri (~> 1.6)
      ntlm-http (~> 0.1, >= 0.1.1)
      webrobots (>= 0.0.9, < 0.2)
    method_source (1.0.0)
    mime-types (3.3.1)
      mime-types-data (~> 3.2015)
    mime-types-data (3.2020.0512)
    mini_portile2 (2.4.0)
    minitest (5.17.0)
    multi_xml (0.6.0)
    net-http-digest_auth (1.4.1)
    net-http-persistent (4.0.0)
      connection_pool (~> 2.2)
    nokogiri (1.10.10)
      mini_portile2 (~> 2.4.0)
    ntlm-http (0.1.1)
    openssl (2.2.0)
    permessage_deflate (0.1.4)
    pry (0.13.1)
      coderay (~> 1.1)
      method_source (~> 1.0)
    pry-byebug (3.9.0)
      byebug (~> 11.0)
      pry (~> 0.13.0)
    rake (13.0.1)
    sqlite3 (1.4.2)
    thwait (0.2.0)
      e2mmap
    tzinfo (2.0.5)
      concurrent-ruby (~> 1.0)
    unf (0.1.4)
      unf_ext
    unf_ext (0.0.7.7)
    webrobots (0.1.2)
    websocket-driver (0.7.3)
      websocket-extensions (>= 0.1.0)
    websocket-extensions (0.1.5)
    zeitwerk (2.6.6)

PLATFORMS
  ruby

DEPENDENCIES
  activerecord
  chatx!
  classifier-reborn (= 2.1.0)
  e2mmap
  htmlentities
  httparty
  pry
  pry-byebug
  rake
  se-api!
  se-realtime!
  sqlite3
  thwait

BUNDLED WITH
   1.17.2
